GEM
  remote: https://rubygems.org/
  specs:
    awesome_print (1.9.2)
    coderay (1.1.3)
    ffi (1.15.5)
    method_source (1.0.0)
    pry (0.14.2)
      coderay (~> 1.1)
      method_source (~> 1.0)
    rake (13.0.6)
    sys-proctable (1.3.0)
      ffi (~> 1.1)

PLATFORMS
  ruby

DEPENDENCIES
  awesome_print
  pry
  rake
  sys-proctable

BUNDLED WITH
   2.1.4
